PATH
  remote: .
  specs:
    em-eventsource (0.1.3)
      em-http-request (~> 1.0.0)
      eventmachine (~> 1.0.0.beta3)

GEM
  remote: http://rubygems.org/
  specs:
    addressable (2.2.6)
    em-http-request (1.0.0)
      addressable (>= 2.2.3)
      em-socksify
      eventmachine (>= 1.0.0.beta.3)
      http_parser.rb (>= 0.5.2)
    em-socksify (0.1.0)
      eventmachine
    eventmachine (1.0.0.beta.3)
    http_parser.rb (0.5.2)
    minitest (2.3.1)
    rake (0.9.2)

PLATFORMS
  ruby

DEPENDENCIES
  bundler
  em-eventsource!
  minitest (~> 2.0)
  rake
